GIT
  remote: git://github.com/Empact/roo.git
  revision: 72f4c956e356e18a765d37a7161a7e8c96edc0ba
  specs:
    roo (1.12.1)
      nokogiri
      rubyzip
      spreadsheet (> 0.6.4)

GIT
  remote: git://github.com/cocupu/client.git
  revision: a988936bb0b7743687ab63868440df20ef19b1e3
  ref: a988936bb0b7743687ab63868440df20ef19b1e3
  specs:
    cocupu (0.0.2)
      activesupport (>= 3.0)
      httmultiparty (= 0.3.8)

GIT
  remote: git://github.com/rweng/jquery-datatables-rails.git
  revision: 494f752b8eb8350f33841c822a67d014c869219f
  specs:
    jquery-datatables-rails (1.11.2)
      jquery-rails

GEM
  remote: http://rubygems.org/
  specs:
    actionmailer (3.2.11)
      actionpack (= 3.2.11)
      mail (~> 2.4.4)
    actionpack (3.2.11)
      activemodel (= 3.2.11)
      activesupport (= 3.2.11)
      builder (~> 3.0.0)
      erubis (~> 2.7.0)
      journey (~> 1.0.4)
      rack (~> 1.4.0)
      rack-cache (~> 1.2)
      rack-test (~> 0.6.1)
      sprockets (~> 2.2.1)
    activemodel (3.2.11)
      activesupport (= 3.2.11)
      builder (~> 3.0.0)
    activerecord (3.2.11)
      activemodel (= 3.2.11)
      activesupport (= 3.2.11)
      arel (~> 3.0.2)
      tzinfo (~> 0.3.29)
    activeresource (3.2.11)
      activemodel (= 3.2.11)
      activesupport (= 3.2.11)
    activesupport (3.2.11)
      i18n (~> 0.6)
      multi_json (~> 1.0)
    addressable (2.3.2)
    amq-client (0.9.10)
      amq-protocol (>= 0.9.4)
      eventmachine
    amq-protocol (1.0.1)
    amqp (0.9.8)
      amq-client (~> 0.9.5)
      amq-protocol (>= 0.9.4)
      eventmachine
    angularjs-rails (1.0.8)
    arel (3.0.2)
    autoparse (0.3.2)
      addressable (>= 2.3.1)
      extlib (>= 0.9.15)
      multi_json (>= 1.0.0)
    aws-sdk (1.7.1)
      httparty (~> 0.7)
      json (~> 1.4)
      nokogiri (>= 1.4.4)
      uuidtools (~> 2.1)
    bbenezech-nested_form (0.0.6)
    bcrypt-ruby (3.0.1)
    blacklight (4.4.1)
      bootstrap-sass (>= 2.2.0, < 2.4)
      kaminari (~> 0.13)
      marc (>= 0.4.3, < 1.1)
      nokogiri (~> 1.6)
      rails (>= 3.2.6, < 5)
      rsolr (~> 1.0.6)
      sass-rails
    bootstrap-kaminari-views (0.0.2)
      kaminari (>= 0.13)
      rails (>= 3.1)
    bootstrap-sass (2.3.2.2)
      sass (~> 3.2)
    builder (3.0.4)
    cancan (1.6.8)
    capybara (2.0.1)
      mime-types (>= 1.16)
      nokogiri (>= 1.3.3)
      rack (>= 1.0.0)
      rack-test (>= 0.5.4)
      selenium-webdriver (~> 2.0)
      xpath (~> 1.0.0)
    carrot (1.2.0)
    childprocess (0.3.6)
      ffi (~> 1.0, >= 1.0.6)
    coffee-rails (3.2.2)
      coffee-script (>= 2.2.0)
      railties (~> 3.2.0)
    coffee-script (2.2.0)
      coffee-script-source
      execjs
    coffee-script-source (1.4.0)
    columnize (0.3.6)
    database_cleaner (0.9.1)
    debugger (1.6.0)
      columnize (>= 0.3.1)
      debugger-linecache (~> 1.2.0)
      debugger-ruby_core_source (~> 1.2.1)
    debugger-linecache (1.2.0)
    debugger-ruby_core_source (1.2.2)
    devise (2.1.2)
      bcrypt-ruby (~> 3.0)
      orm_adapter (~> 0.1)
      railties (~> 3.1)
      warden (~> 1.2.1)
    diff-lcs (1.1.3)
    ejs (1.1.1)
    erubis (2.7.0)
    eventmachine (1.0.0)
    execjs (1.4.0)
      multi_json (~> 1.0)
    extlib (0.9.15)
    factory_girl (4.1.0)
      activesupport (>= 3.0.0)
    factory_girl_rails (4.1.0)
      factory_girl (~> 4.1.0)
      railties (>= 3.0.0)
    faraday (0.8.4)
      multipart-post (~> 1.1)
    ffi (1.2.0)
    foreigner (1.2.1)
      activerecord (>= 3.0.0)
    google-api-client (0.4.5)
      addressable (>= 2.3.2)
      autoparse (>= 0.3.2)
      extlib (>= 0.9.15)
      faraday (~> 0.8.1)
      launchy (>= 2.1.1)
      multi_json (>= 1.0.0)
      signet (>= 0.4.1)
      uuidtools (>= 2.1.0)
    haml (3.1.7)
    haml_assets (0.2.2)
      haml
      tilt
    handlebars_assets (0.7.1)
      execjs (>= 1.2.9)
      sprockets (>= 2.0.3)
      tilt
    hike (1.2.3)
    httmultiparty (0.3.8)
      httparty (>= 0.7.3)
      multipart-post
    httparty (0.9.0)
      multi_json (~> 1.0)
      multi_xml
    i18n (0.6.5)
    jasmine (1.3.1)
      jasmine-core (~> 1.3.1)
      rack (~> 1.0)
      rspec (>= 1.3.1)
      selenium-webdriver (>= 0.1.3)
    jasmine-core (1.3.1)
    jasminerice (0.0.10)
      coffee-rails
      haml
    jettywrapper (1.3.2)
      activesupport (>= 3.0.0)
      childprocess
      i18n
      logger
      mediashelf-loggable
    journey (1.0.4)
    jquery-fileupload-rails (0.4.0)
      actionpack (>= 3.1)
      railties (>= 3.1)
    jquery-rails (2.1.4)
      railties (>= 3.0, < 5.0)
      thor (>= 0.14, < 2.0)
    jquery-ui-rails (0.2.2)
      jquery-rails
      railties (>= 3.1.0)
    json (1.8.0)
    jwt (0.1.5)
      multi_json (>= 1.0)
    kaminari (0.14.1)
      actionpack (>= 3.0.0)
      activesupport (>= 3.0.0)
    kgio (2.7.4)
    launchy (2.1.2)
      addressable (~> 2.3)
    libv8 (3.3.10.4)
    libwebsocket (0.1.7.1)
      addressable
      websocket
    logger (1.2.8)
    macaddr (1.6.1)
      systemu (~> 2.5.0)
    mail (2.4.4)
      i18n (>= 0.4.0)
      mime-types (~> 1.16)
      treetop (~> 1.4.8)
    marc (0.7.1)
    mediashelf-loggable (0.4.9)
    mime-types (1.25)
    mini_portile (0.5.1)
    multi_json (1.8.0)
    multi_xml (0.5.1)
    multipart-post (1.1.5)
    nokogiri (1.6.0)
      mini_portile (~> 0.5.0)
    orm_adapter (0.4.0)
    pg (0.14.1)
    polyglot (0.3.3)
    rack (1.4.5)
    rack-cache (1.2)
      rack (>= 0.4)
    rack-pjax (0.7.0)
      nokogiri (~> 1.5)
      rack (~> 1.3)
    rack-ssl (1.3.3)
      rack
    rack-test (0.6.2)
      rack (>= 1.0)
    rails (3.2.11)
      actionmailer (= 3.2.11)
      actionpack (= 3.2.11)
      activerecord (= 3.2.11)
      activeresource (= 3.2.11)
      activesupport (= 3.2.11)
      bundler (~> 1.0)
      railties (= 3.2.11)
    rails-backbone (0.8.0)
      coffee-script (~> 2.2.0)
      ejs (~> 1.1.1)
      jquery-rails (~> 2.1.3)
      railties (>= 3.1.0)
    rails_admin (0.0.4)
      bbenezech-nested_form (~> 0.0.6)
      bootstrap-sass (~> 2.0, >= 2.0.3)
      builder (~> 3.0)
      coffee-rails (~> 3.1)
      haml (~> 3.1)
      jquery-rails (>= 1.0.17)
      jquery-ui-rails (~> 0.2.2)
      kaminari (~> 0.12)
      rack-pjax (~> 0.5)
      rails (~> 3.1)
      remotipart (~> 1.0)
      sass-rails (~> 3.1)
    railties (3.2.11)
      actionpack (= 3.2.11)
      activesupport (= 3.2.11)
      rack-ssl (~> 1.3.2)
      rake (>= 0.8.7)
      rdoc (~> 3.4)
      thor (>= 0.14.6, < 2.0)
    raindrops (0.10.0)
    rake (10.1.0)
    rdoc (3.12.2)
      json (~> 1.4)
    remotipart (1.2.1)
    rsolr (1.0.9)
      builder (>= 2.1.2)
    rspec (2.12.0)
      rspec-core (~> 2.12.0)
      rspec-expectations (~> 2.12.0)
      rspec-mocks (~> 2.12.0)
    rspec-core (2.12.2)
    rspec-expectations (2.12.0)
      diff-lcs (~> 1.1.3)
    rspec-mocks (2.12.0)
    rspec-rails (2.12.0)
      actionpack (>= 3.0)
      activesupport (>= 3.0)
      railties (>= 3.0)
      rspec-core (~> 2.12.0)
      rspec-expectations (~> 2.12.0)
      rspec-mocks (~> 2.12.0)
    ruby-ole (1.2.11.7)
    rubyzip (1.0.0)
    s3_direct_upload (0.0.8)
      coffee-rails (~> 3.2.1)
      jquery-fileupload-rails (~> 0.4.0)
      rails (~> 3.2)
      sass-rails (~> 3.2.5)
    sass (3.2.10)
    sass-rails (3.2.6)
      railties (~> 3.2.0)
      sass (>= 3.1.10)
      tilt (~> 1.3)
    selenium-webdriver (2.27.1)
      childprocess (>= 0.2.5)
      libwebsocket (~> 0.1.3)
      multi_json (~> 1.0)
      rubyzip
    signet (0.4.3)
      addressable (>= 2.2.3)
      faraday (~> 0.8.1)
      jwt (>= 0.1.5)
      multi_json (>= 1.0.0)
    spreadsheet (0.9.0)
      ruby-ole (>= 1.0)
    sprockets (2.2.2)
      hike (~> 1.2)
      multi_json (~> 1.0)
      rack (~> 1.0)
      tilt (~> 1.1, != 1.3.0)
    strong_parameters (0.1.5)
      actionpack (~> 3.1)
      activemodel (~> 3.1)
      railties (~> 3.1)
    systemu (2.5.2)
    therubyracer (0.10.2)
      libv8 (~> 3.3.10)
    thor (0.18.1)
    tilt (1.4.1)
    treetop (1.4.15)
      polyglot
      polyglot (>= 0.3.1)
    tzinfo (0.3.37)
    uglifier (1.3.0)
      execjs (>= 0.3.0)
      multi_json (~> 1.0, >= 1.0.2)
    unicorn (4.4.0)
      kgio (~> 2.6)
      rack
      raindrops (~> 0.7)
    uuid (2.3.6)
      macaddr (~> 1.0)
    uuidtools (2.1.3)
    warden (1.2.1)
      rack (>= 1.0)
    websocket (1.0.4)
    xpath (1.0.0)
      nokogiri (~> 1.3)

PLATFORMS
  ruby

DEPENDENCIES
  amqp
  angularjs-rails (~> 1.0.8)
  aws-sdk
  blacklight
  bootstrap-kaminari-views
  bootstrap-sass
  cancan
  capybara (>= 1.1.2)
  carrot
  cocupu!
  coffee-rails
  database_cleaner (>= 0.7.0)
  debugger
  devise
  factory_girl_rails
  foreigner
  google-api-client (= 0.4.5)
  haml
  haml_assets
  handlebars_assets
  jasmine
  jasminerice
  jettywrapper
  jquery-datatables-rails!
  jquery-rails
  jquery-ui-rails
  json
  kaminari
  pg
  rails (= 3.2.11)
  rails-backbone
  rails_admin
  roo!
  rsolr
  rspec-rails
  s3_direct_upload
  sass-rails
  strong_parameters
  therubyracer (~> 0.10.0)
  uglifier (>= 1.2.3)
  unicorn
  uuid
